GEM
  remote: https://rubygems.org/
  specs:
    gnuplot (2.6.2)
    highline (1.7.8)
    rake (10.4.2)

PLATFORMS
  ruby

DEPENDENCIES
  gnuplot
  highline
  rake

BUNDLED WITH
   1.10.6
